GEM
  remote: https://rubygems.org/
  specs:
    actioncable (7.1.3.4)
      actionpack (= 7.1.3.4)
      activesupport (= 7.1.3.4)
      nio4r (~> 2.0)
      websocket-driver (>= 0.6.1)
      zeitwerk (~> 2.6)
    actionmailbox (7.1.3.4)
      actionpack (= 7.1.3.4)
      activejob (= 7.1.3.4)
      activerecord (= 7.1.3.4)
      activestorage (= 7.1.3.4)
      activesupport (= 7.1.3.4)
      mail (>= 2.7.1)
      net-imap
      net-pop
      net-smtp
    actionmailer (7.1.3.4)
      actionpack (= 7.1.3.4)
      actionview (= 7.1.3.4)
      activejob (= 7.1.3.4)
      activesupport (= 7.1.3.4)
      mail (~> 2.5, >= 2.5.4)
      net-imap
      net-pop
      net-smtp
      rails-dom-testing (~> 2.2)
    actionpack (7.1.3.4)
      actionview (= 7.1.3.4)
      activesupport (= 7.1.3.4)
      nokogiri (>= 1.8.5)
      racc
      rack (>= 2.2.4)
      rack-session (>= 1.0.1)
      rack-test (>= 0.6.3)
      rails-dom-testing (~> 2.2)
      rails-html-sanitizer (~> 1.6)
    actiontext (7.1.3.4)
      actionpack (= 7.1.3.4)
      activerecord (= 7.1.3.4)
      activestorage (= 7.1.3.4)
      activesupport (= 7.1.3.4)
      globalid (>= 0.6.0)
      nokogiri (>= 1.8.5)
    actionview (7.1.3.4)
      activesupport (= 7.1.3.4)
      builder (~> 3.1)
      erubi (~> 1.11)
      rails-dom-testing (~> 2.2)
      rails-html-sanitizer (~> 1.6)
    activejob (7.1.3.4)
      activesupport (= 7.1.3.4)
      globalid (>= 0.3.6)
    activemodel (7.1.3.4)
      activesupport (= 7.1.3.4)
    activerecord (7.1.3.4)
      activemodel (= 7.1.3.4)
      activesupport (= 7.1.3.4)
      timeout (>= 0.4.0)
    activestorage (7.1.3.4)
      actionpack (= 7.1.3.4)
      activejob (= 7.1.3.4)
      activerecord (= 7.1.3.4)
      activesupport (= 7.1.3.4)
      marcel (~> 1.0)
    activesupport (7.1.3.4)
      base64
      bigdecimal
      concurrent-ruby (~> 1.0, >= 1.0.2)
      connection_pool (>= 2.2.5)
      drb
      i18n (>= 1.6, < 2)
      minitest (>= 5.1)
      mutex_m
      tzinfo (~> 2.0)
    addressable (2.8.6)
      public_suffix (>= 2.0.2, < 6.0)
    base64 (0.2.0)
    bcrypt (3.1.20)
    bigdecimal (3.1.8)
    bindex (0.8.1)
    bootsnap (1.18.3)
      msgpack (~> 1.2)
    builder (3.2.4)
    byebug (11.1.3)
    capybara (3.40.0)
      addressable
      matrix
      mini_mime (>= 0.1.3)
      nokogiri (~> 1.11)
      rack (>= 1.6.0)
      rack-test (>= 0.6.3)
      regexp_parser (>= 1.5, < 3.0)
      xpath (~> 3.2)
    concurrent-ruby (1.2.3)
    connection_pool (2.4.1)
    crass (1.0.6)
    date (3.3.4)
    devise (4.9.4)
      bcrypt (~> 3.0)
      orm_adapter (~> 0.1)
      railties (>= 4.1.0)
      responders
      warden (~> 1.2.3)
    drb (2.2.1)
    error_highlight (0.6.0)
    erubi (1.12.0)
    ffi (1.16.3)
    globalid (1.2.1)
      activesupport (>= 6.1)
    hotwire-rails (0.1.3)
      rails (>= 6.0.0)
      stimulus-rails
      turbo-rails
    i18n (1.14.4)
      concurrent-ruby (~> 1.0)
    io-console (0.7.2)
    irb (1.13.1)
      rdoc (>= 4.0.0)
      reline (>= 0.4.2)
    jbuilder (2.12.0)
      actionview (>= 5.0.0)
      activesupport (>= 5.0.0)
    listen (3.9.0)
      rb-fsevent (~> 0.10, >= 0.10.3)
      rb-inotify (~> 0.9, >= 0.9.10)
    loofah (2.22.0)
      crass (~> 1.0.2)
      nokogiri (>= 1.12.0)
    mail (2.8.1)
      mini_mime (>= 0.1.1)
      net-imap
      net-pop
      net-smtp
    marcel (1.0.4)
    matrix (0.4.2)
    mini_mime (1.1.5)
    minitest (5.22.3)
    msgpack (1.7.2)
    mutex_m (0.2.0)
    net-imap (0.4.12)
      date
      net-protocol
    net-pop (0.1.2)
      net-protocol
    net-protocol (0.2.2)
      timeout
    net-smtp (0.5.0)
      net-protocol
    nio4r (2.7.1)
    nokogiri (1.16.4-aarch64-linux)
      racc (~> 1.4)
    nokogiri (1.16.4-arm-linux)
      racc (~> 1.4)
    nokogiri (1.16.4-arm64-darwin)
      racc (~> 1.4)
    nokogiri (1.16.4-x86-linux)
      racc (~> 1.4)
    nokogiri (1.16.4-x86_64-darwin)
      racc (~> 1.4)
    nokogiri (1.16.4-x86_64-linux)
      racc (~> 1.4)
    orm_adapter (0.5.0)
    pagy (0.6.0)
    pg (1.5.6)
    psych (5.1.2)
      stringio
    public_suffix (5.0.5)
    puma (5.6.8)
      nio4r (~> 2.0)
    racc (1.7.3)
    rack (2.2.9)
    rack-mini-profiler (2.3.4)
      rack (>= 1.2.0)
    rack-proxy (0.7.7)
      rack
    rack-session (1.0.2)
      rack (< 3)
    rack-test (2.1.0)
      rack (>= 1.3)
    rackup (1.0.0)
      rack (< 3)
      webrick
    rails (7.1.3.4)
      actioncable (= 7.1.3.4)
      actionmailbox (= 7.1.3.4)
      actionmailer (= 7.1.3.4)
      actionpack (= 7.1.3.4)
      actiontext (= 7.1.3.4)
      actionview (= 7.1.3.4)
      activejob (= 7.1.3.4)
      activemodel (= 7.1.3.4)
      activerecord (= 7.1.3.4)
      activestorage (= 7.1.3.4)
      activesupport (= 7.1.3.4)
      bundler (>= 1.15.0)
      railties (= 7.1.3.4)
    rails-dom-testing (2.2.0)
      activesupport (>= 5.0.0)
      minitest
      nokogiri (>= 1.6)
    rails-html-sanitizer (1.6.0)
      loofah (~> 2.21)
      nokogiri (~> 1.14)
    railties (7.1.3.4)
      actionpack (= 7.1.3.4)
      activesupport (= 7.1.3.4)
      irb
      rackup (>= 1.0.0)
      rake (>= 12.2)
      thor (~> 1.0, >= 1.2.2)
      zeitwerk (~> 2.6)
    rake (13.2.1)
    rb-fsevent (0.11.2)
    rb-inotify (0.10.1)
      ffi (~> 1.0)
    rdoc (6.7.0)
      psych (>= 4.0.0)
    redis (5.2.0)
      redis-client (>= 0.22.0)
    redis-client (0.22.2)
      connection_pool
    regexp_parser (2.9.0)
    reline (0.5.8)
      io-console (~> 0.5)
    responders (3.1.1)
      actionpack (>= 5.2)
      railties (>= 5.2)
    rexml (3.2.6)
    rubyzip (2.3.2)
    sass-rails (6.0.0)
      sassc-rails (~> 2.1, >= 2.1.1)
    sassc (2.4.0)
      ffi (~> 1.9)
    sassc-rails (2.1.2)
      railties (>= 4.0.0)
      sassc (>= 2.0)
      sprockets (> 3.0)
      sprockets-rails
      tilt
    selenium-webdriver (4.10.0)
      rexml (~> 3.2, >= 3.2.5)
      rubyzip (>= 1.2.2, < 3.0)
      websocket (~> 1.0)
    semantic_range (3.0.0)
    sidekiq (7.2.4)
      concurrent-ruby (< 2)
      connection_pool (>= 2.3.0)
      rack (>= 2.2.4)
      redis-client (>= 0.19.0)
    spring (4.2.1)
    sprockets (4.2.1)
      concurrent-ruby (~> 1.0)
      rack (>= 2.2.4, < 4)
    sprockets-rails (3.4.2)
      actionpack (>= 5.2)
      activesupport (>= 5.2)
      sprockets (>= 3.0.0)
    stimulus-rails (1.3.3)
      railties (>= 6.0.0)
    stringio (3.1.0)
    tailwindcss-rails (2.5.0)
      railties (>= 6.0.0)
    tailwindcss-rails (2.5.0-aarch64-linux)
      railties (>= 6.0.0)
    tailwindcss-rails (2.5.0-arm-linux)
      railties (>= 6.0.0)
    tailwindcss-rails (2.5.0-arm64-darwin)
      railties (>= 6.0.0)
    tailwindcss-rails (2.5.0-x86_64-darwin)
      railties (>= 6.0.0)
    tailwindcss-rails (2.5.0-x86_64-linux)
      railties (>= 6.0.0)
    thor (1.3.1)
    tilt (2.3.0)
    timeout (0.4.1)
    turbo-rails (1.5.0)
      actionpack (>= 6.0.0)
      activejob (>= 6.0.0)
      railties (>= 6.0.0)
    turbolinks (5.2.1)
      turbolinks-source (~> 5.2)
    turbolinks-source (5.2.0)
    tzinfo (2.0.6)
      concurrent-ruby (~> 1.0)
    warden (1.2.9)
      rack (>= 2.0.9)
    web-console (4.2.1)
      actionview (>= 6.0.0)
      activemodel (>= 6.0.0)
      bindex (>= 0.4.0)
      railties (>= 6.0.0)
    webdrivers (5.3.1)
      nokogiri (~> 1.6)
      rubyzip (>= 1.3.0)
      selenium-webdriver (~> 4.0, < 4.11)
    webpacker (5.4.4)
      activesupport (>= 5.2)
      rack-proxy (>= 0.6.1)
      railties (>= 5.2)
      semantic_range (>= 2.3.0)
    webrick (1.8.1)
    websocket (1.2.10)
    websocket-driver (0.7.6)
      websocket-extensions (>= 0.1.0)
    websocket-extensions (0.1.5)
    xpath (3.2.0)
      nokogiri (~> 1.8)
    zeitwerk (2.6.13)

PLATFORMS
  aarch64-linux
  arm-linux
  arm64-darwin
  x86-linux
  x86_64-darwin
  x86_64-linux

DEPENDENCIES
  bootsnap (>= 1.4.4)
  byebug
  capybara (>= 3.26)
  devise (~> 4.9, >= 4.9.4)
  error_highlight (>= 0.4.0)
  hotwire-rails (~> 0.1.0)
  jbuilder (~> 2.7)
  listen (~> 3.3)
  pagy (~> 0.6.0)
  pg (~> 1.1)
  puma (~> 5.0)
  rack-mini-profiler (~> 2.0)
  rails (~> 7.0)
  redis
  sass-rails (>= 6)
  selenium-webdriver (>= 4.0.0.rc1)
  sidekiq
  spring
  tailwindcss-rails (~> 2.5)
  turbo-rails (~> 1.4)
  turbolinks (~> 5)
  tzinfo-data
  web-console (>= 4.1.0)
  webdrivers
  webpacker (~> 5.0)

RUBY VERSION
   ruby 3.1.4p223

BUNDLED WITH
   2.5.3
